GEM
  remote: https://rubygems.org/
  specs:
    byebug (11.1.3)
    faraday (1.4.2)
      faraday-em_http (~> 1.0)
      faraday-em_synchrony (~> 1.0)
      faraday-excon (~> 1.1)
      faraday-net_http (~> 1.0)
      faraday-net_http_persistent (~> 1.1)
      multipart-post (>= 1.2, < 3)
      ruby2_keywords (>= 0.0.4)
    faraday-em_http (1.0.0)
    faraday-em_synchrony (1.0.0)
    faraday-excon (1.1.0)
    faraday-net_http (1.0.1)
    faraday-net_http_persistent (1.1.0)
    io-console (0.5.9)
    irb (1.3.5)
      reline (>= 0.1.5)
    multipart-post (2.1.1)
    reline (0.2.5)
      io-console (~> 0.5)
    ruby2_keywords (0.0.4)

PLATFORMS
  ruby

DEPENDENCIES
  byebug (~> 11.1.3)
  faraday (~> 1.4.2)
  irb (~> 1.3.5)

BUNDLED WITH
   1.17.3
